GEM
  remote: https://rubygems.org/
  specs:
    rake (10.2.2)
    session (3.2.0)
    tf (0.4.3)
      session (~> 3.1)

PLATFORMS
  ruby

DEPENDENCIES
  rake
  tf
